GEM
  remote: https://rubygems.org/
  specs:
    nio4r (2.5.9)
    puma (6.3.0)
      nio4r (~> 2.0)
    rack (3.0.8)

PLATFORMS
  arm64-darwin-21

DEPENDENCIES
  puma
  rack

BUNDLED WITH
   2.4.6
